GEM
  remote: http://rubygems.org/
  specs:
    activesupport (4.2.4)
      i18n (~> 0.7)
      json (~> 1.7, >= 1.7.7)
      minitest (~> 5.1)
      thread_safe (~> 0.3, >= 0.3.4)
      tzinfo (~> 1.1)
    humanize (1.1.0)
    i18n (0.7.0)
    json (1.8.3)
    minitest (5.8.1)
    numbers_and_words (0.10.0)
      activesupport
      i18n
    thread_safe (0.3.5)
    to_words (1.1.0)
    tzinfo (1.2.2)
      thread_safe (~> 0.1)

PLATFORMS
  ruby

DEPENDENCIES
  humanize
  numbers_and_words
  to_words

BUNDLED WITH
   1.10.6
